GEM
  remote: https://rubygems.org/
  specs:
    amq-protocol (2.2.0)
    bunny (2.7.1)
      amq-protocol (>= 2.2.0)

PLATFORMS
  ruby

DEPENDENCIES
  bunny

BUNDLED WITH
   1.15.4
